PATH
  remote: .
  specs:
    piggybak_coupons (0.1.1)

GEM
  remote: http://rubygems.org/
  specs:

PLATFORMS
  ruby

DEPENDENCIES
  piggybak_coupons!
